GEM
  remote: https://rubygems.org/
  specs:
    awesome_print (1.7.0)
    faraday (0.9.2)
      multipart-post (>= 1.2, < 3)
    faraday_middleware (0.10.0)
      faraday (>= 0.7.4, < 0.10)
    mini_portile2 (2.1.0)
    multipart-post (2.0.0)
    nokogiri (1.6.8)
      mini_portile2 (~> 2.1.0)
      pkg-config (~> 1.1.7)
    parse-ruby-client (0.3.0)
      faraday
      faraday_middleware
    pkg-config (1.1.7)
    rmagick (2.16.0)

PLATFORMS
  ruby

DEPENDENCIES
  awesome_print
  nokogiri
  parse-ruby-client
  rmagick

BUNDLED WITH
   1.12.5
